GEM
  remote: https://rubygems.org/
  specs:
    ffi (1.9.10)
    listen (3.0.4)
      rb-fsevent (>= 0.9.3)
      rb-inotify (>= 0.9)
    mini_portile (0.6.2)
    mysql (2.9.1)
    nokogiri (1.6.6.2)
      mini_portile (~> 0.6.0)
    rack (1.6.4)
    rack-protection (1.5.3)
      rack
    rb-fsevent (0.9.6)
    rb-inotify (0.9.5)
      ffi (>= 0.5.0)
    restart (1.0.2)
      listen (~> 3.0)
    shotgun (0.9.1)
      rack (>= 1.0)
    sinatra (1.4.6)
      rack (~> 1.4)
      rack-protection (~> 1.4)
      tilt (>= 1.3, < 3)
    sqlite3 (1.3.11)
    tilt (2.0.1)

PLATFORMS
  ruby

DEPENDENCIES
  mysql
  nokogiri
  restart
  shotgun
  sinatra
  sqlite3

BUNDLED WITH
   1.10.6
